PATH
  remote: .
  specs:
    compeon-application_token_manager (0.1.0)
      aws-sdk-ssm (~> 1.0)

GEM
  remote: https://rubygems.org/
  specs:
    aws-eventstream (1.0.2)
    aws-partitions (1.151.0)
    aws-sdk-core (3.48.4)
      aws-eventstream (~> 1.0, >= 1.0.2)
      aws-partitions (~> 1.0)
      aws-sigv4 (~> 1.1)
      jmespath (~> 1.0)
    aws-sdk-ssm (1.42.0)
      aws-sdk-core (~> 3, >= 3.48.2)
      aws-sigv4 (~> 1.1)
    aws-sigv4 (1.1.0)
      aws-eventstream (~> 1.0, >= 1.0.2)
    jmespath (1.6.1)
    minitest (5.11.3)
    rake (13.0.1)

PLATFORMS
  ruby

DEPENDENCIES
  bundler (~> 2.0)
  compeon-application_token_manager!
  minitest (~> 5.0)
  rake (~> 13.0)

BUNDLED WITH
   2.0.1
